GEM
  remote: https://rubygems.org/
  specs:
    concurrent-ruby (1.0.5)
    slop (4.6.0)

PLATFORMS
  ruby

DEPENDENCIES
  concurrent-ruby (= 1.0.5)
  slop (= 4.6.0)

BUNDLED WITH
   1.15.4
