GEM
  remote: https://rubygems.org/
  specs:
    coderay (1.1.2)
    concurrent-ruby (1.0.5)
    highline (1.7.10)
    lazy_priority_queue (0.1.1)
    memoist (0.16.0)
    method_source (0.9.0)
    oj (3.3.9)
    pry (0.11.3)
      coderay (~> 1.1.0)
      method_source (~> 0.9.0)
    rgl (0.5.3)
      lazy_priority_queue (~> 0.1.0)
      stream (~> 0.5.0)
    slop (4.6.0)
    stream (0.5)

PLATFORMS
  ruby

DEPENDENCIES
  concurrent-ruby (= 1.0.5)
  highline (= 1.7.10)
  memoist (= 0.16.0)
  oj (= 3.3.9)
  pry (= 0.11.3)
  rgl (= 0.5.3)
  slop (= 4.6.0)

BUNDLED WITH
   1.16.0
